GEM
  remote: https://rubygems.org/
  specs:
    coderay (1.1.3)
    ffi (1.14.2)
    ffi (1.14.2-x64-mingw32)
    method_source (1.0.0)
    mini_portile2 (2.4.0)
    nokogiri (1.10.10)
      mini_portile2 (~> 2.4.0)
    nokogiri (1.10.10-x64-mingw32)
      mini_portile2 (~> 2.4.0)
    pry (0.13.1)
      coderay (~> 1.1)
      method_source (~> 1.0)
    pry-reload (0.1)
      rb-inotify (~> 0.9.7)
    rb-inotify (0.9.10)
      ffi (>= 0.5.0, < 2)

PLATFORMS
  ruby
  x64-mingw32

DEPENDENCIES
  nokogiri
  pry
  pry-reload

BUNDLED WITH
   2.1.4
