GEM
  remote: https://rubygems.org/
  specs:
    addressable (2.7.0)
      public_suffix (>= 2.0.2, < 5.0)
    mini_portile2 (2.4.0)
    nokogiri (1.10.10)
      mini_portile2 (~> 2.4.0)
    nokogiri (1.10.10-x64-mingw32)
      mini_portile2 (~> 2.4.0)
    public_suffix (4.0.6)

PLATFORMS
  ruby
  x64-mingw32

DEPENDENCIES
  addressable
  nokogiri

BUNDLED WITH
   2.1.4
